GEM
  remote: https://rubygems.org/
  specs:
    git-version-bump (0.15.1)
    rack (1.6.4)
    rack-contrib (1.3.0)
      git-version-bump (~> 0.15)
      rack (~> 1.4)

PLATFORMS
  ruby

DEPENDENCIES
  rack
  rack-contrib

BUNDLED WITH
   1.10.5
